GEM
  remote: https://rubygems.org/
  specs:
    equatable (0.5.0)
    git-cop (1.3.0)
      pastel (~> 0.7)
      refinements (~> 4.1)
      runcom (~> 1.1)
      thor (~> 0.19)
    pastel (0.7.1)
      equatable (~> 0.5.0)
      tty-color (~> 0.4.0)
    rake (12.0.0)
    refinements (4.2.0)
    runcom (1.2.0)
      refinements (~> 4.2)
    thor (0.19.4)
    tty-color (0.4.2)

PLATFORMS
  ruby

DEPENDENCIES
  git-cop (~> 1.3)
  rake (~> 12.0)

BUNDLED WITH
   1.15.2
